PATH
  remote: .
  specs:
    reslacks (0.1.0)
      slack-notifier

GEM
  remote: https://rubygems.org/
  specs:
    diff-lcs (1.3)
    dotenv (2.7.2)
    rainbow (3.0.0)
    rake (10.5.0)
    rspec (3.8.0)
      rspec-core (~> 3.8.0)
      rspec-expectations (~> 3.8.0)
      rspec-mocks (~> 3.8.0)
    rspec-core (3.8.0)
      rspec-support (~> 3.8.0)
    rspec-expectations (3.8.3)
      diff-lcs (>= 1.2.0, < 2.0)
      rspec-support (~> 3.8.0)
    rspec-mocks (3.8.0)
      diff-lcs (>= 1.2.0, < 2.0)
      rspec-support (~> 3.8.0)
    rspec-support (3.8.0)
    rubocop (0.7.2)
      rainbow (>= 1.1.4)
    slack-notifier (2.3.2)

PLATFORMS
  ruby

DEPENDENCIES
  bundler
  dotenv (~> 2.7.2)
  rake (~> 10.0)
  reslacks!
  rspec (~> 3.0)
  rubocop (~> 0.7.0)

BUNDLED WITH
   2.0.1
